RESTRICTION: == net452
NUGET
  remote: https://www.nuget.org/api/v2
    FSharp.Core (4.2.3)
    FSharp.Data (2.4.3)
